GEM
  remote: https://rubygems.org/
  specs:
    jruby-jars (9.2.0.0)
    jruby-rack (1.1.21)
    mustermann (1.0.2)
    rack (2.1.4)
    rack-protection (2.0.3)
      rack
    rake (12.3.1)
    rubyzip (1.2.1)
    sinatra (2.0.3)
      mustermann (~> 1.0)
      rack (~> 2.0)
      rack-protection (= 2.0.3)
      tilt (~> 2.0)
    tilt (2.0.8)
    warbler (2.0.5)
      jruby-jars (>= 9.0.0.0)
      jruby-rack (>= 1.1.1, < 1.3)
      rake (>= 10.1.0)
      rubyzip (~> 1.0, < 1.4)

PLATFORMS
  java
  ruby

DEPENDENCIES
  rack
  sinatra
  warbler

RUBY VERSION
   ruby 2.5.7p0 (jruby 9.2.9.0)

BUNDLED WITH
   1.17.3
